GIT
  remote: git://github.com/gr2m/rack-streaming-proxy.git
  revision: 82c3d1daa4313d430a57f3a1a18ad51cf772a23c
  specs:
    rack-streaming-proxy (1.0.3)
      rack (>= 1.0)
      servolux (~> 0.8.1)

GEM
  remote: http://rubygems.org/
  specs:
    daemons (1.1.3)
    eventmachine (0.12.10)
    rack (1.2.2)
    servolux (0.8.1)
    thin (1.2.11)
      daemons (>= 1.0.9)
      eventmachine (>= 0.12.6)
      rack (>= 1.0.0)

PLATFORMS
  ruby

DEPENDENCIES
  rack-streaming-proxy!
  thin
