GIT
  remote: git://github.com/gr2m/rack-streaming-proxy.git
  revision: 45a8bb385dee345a6014a61f2a7c96b6f922f84d
  specs:
    rack-streaming-proxy (1.0.3)
      rack (>= 1.0)
      servolux (~> 0.8.1)

GEM
  remote: http://rubygems.org/
  specs:
    rack (1.4.1)
    servolux (0.8.1)

PLATFORMS
  ruby

DEPENDENCIES
  rack-streaming-proxy!
