GIT
  remote: git://github.com/gr2m/rack-streaming-proxy.git
  revision: 0d577e717cd0044035ecc1386c51aa12d7177286
  ref: 0d577e717cd0044035ec
  specs:
    rack-streaming-proxy (1.0.3)
      rack (>= 1.0)
      servolux (~> 0.8.1)

GEM
  remote: http://rubygems.org/
  specs:
    rack (1.2.2)
    servolux (0.8.1)

PLATFORMS
  ruby

DEPENDENCIES
  rack-streaming-proxy!
