GIT
  remote: git://github.com/gr2m/rack-streaming-proxy.git
  revision: 82c3d1daa4313d430a57f3a1a18ad51cf772a23c
  specs:
    rack-streaming-proxy (1.0.3)
      rack (>= 1.0)
      servolux (~> 0.8.1)

GEM
  remote: http://rubygems.org/
  specs:
    rack (1.2.2)
    servolux (0.8.1)

PLATFORMS
  ruby

DEPENDENCIES
  rack-streaming-proxy!
